GEM
  remote: http://rubygems.org/
  specs:
    coderay (0.9.3)
    compass (0.10.3)
      haml (>= 3.0.4)
    cri (1.0.1)
    haml (3.0.15)
    kramdown (0.10.0)
    nanoc (3.1.4)
      nanoc3 (>= 3.1.4)
    nanoc3 (3.1.4)
      cri (>= 1.0.0)

PLATFORMS
  ruby

DEPENDENCIES
  coderay
  compass
  haml
  kramdown
  nanoc
